GEM
  remote: https://rubygems.org/
  specs:
    addressable (2.4.0)
    autoprefixer-rails (6.3.7)
      execjs
    bitly (0.10.4)
      httparty (>= 0.7.6)
      multi_json (~> 1.3)
      oauth2 (>= 0.5.0, < 2.0)
    colorator (0.1)
    commonjs (0.2.7)
    concurrent-ruby (1.0.2)
    digest (0.0.1)
    execjs (2.7.0)
    extras (0.1.0)
      forwardable-extended (~> 2.5)
    faraday (0.9.2)
      multipart-post (>= 1.2, < 3)
    fastimage (2.0.0)
      addressable (~> 2)
    ffi (1.9.14)
    forwardable-extended (2.6.0)
    httparty (0.13.7)
      json (~> 1.8)
      multi_xml (>= 0.5.2)
    jekyll (3.1.6)
      colorator (~> 0.1)
      jekyll-sass-converter (~> 1.0)
      jekyll-watch (~> 1.1)
      kramdown (~> 1.3)
      liquid (~> 3.0)
      mercenary (~> 0.3.3)
      rouge (~> 1.7)
      safe_yaml (~> 1.0)
    jekyll-assets (2.2.7)
      extras (~> 0.1)
      fastimage (~> 2.0, >= 1.8)
      jekyll (~> 3.1, >= 3.0)
      pathutil (>= 0.8)
      sprockets (~> 3.3)
    jekyll-pdf (0.1.4)
      digest (~> 0)
      jekyll (~> 3.1, >= 2.0)
      pdfkit (~> 0.8)
      wkhtmltopdf-installer (~> 0.12)
    jekyll-sass-converter (1.4.0)
      sass (~> 3.4)
    jekyll-sitemap (0.11.0)
      addressable (~> 2.4.0)
    jekyll-watch (1.5.0)
      listen (~> 3.0, < 3.1)
    json (1.8.3)
    jwt (1.5.4)
    kramdown (1.11.1)
    less (2.6.0)
      commonjs (~> 0.2.7)
    libv8 (3.16.14.15)
    liquid (3.0.6)
    listen (3.0.8)
      rb-fsevent (~> 0.9, >= 0.9.4)
      rb-inotify (~> 0.9, >= 0.9.7)
    mercenary (0.3.6)
    mini_magick (4.5.1)
    multi_json (1.12.1)
    multi_xml (0.5.5)
    multipart-post (2.0.0)
    oauth2 (1.2.0)
      faraday (>= 0.8, < 0.10)
      jwt (~> 1.0)
      multi_json (~> 1.3)
      multi_xml (~> 0.5)
      rack (>= 1.2, < 3)
    pathutil (0.14.0)
      forwardable-extended (~> 2.6)
    pdfkit (0.8.2)
    rack (1.6.4)
    rb-fsevent (0.9.7)
    rb-inotify (0.9.7)
      ffi (>= 0.5.0)
    ref (2.0.0)
    rouge (1.11.1)
    safe_yaml (1.0.4)
    sass (3.4.22)
    sprockets (3.7.0)
      concurrent-ruby (~> 1.0)
      rack (> 1, < 3)
    therubyracer (0.12.2)
      libv8 (~> 3.16.14.0)
      ref
    uglifier (3.0.0)
      execjs (>= 0.3.0, < 3)
    wkhtmltopdf-installer (0.12.3.3)
    yui-compressor (0.12.0)

PLATFORMS
  ruby

DEPENDENCIES
  autoprefixer-rails
  bitly
  jekyll (>= 3.0)
  jekyll-assets
  jekyll-pdf
  jekyll-sitemap
  less
  mini_magick
  rack (< 2)
  therubyracer
  uglifier
  yui-compressor

BUNDLED WITH
   1.12.5
